GEM
  remote: https://rubygems.org/
  specs:
    activesupport (7.0.4)
      concurrent-ruby (~> 1.0, >= 1.0.2)
      i18n (>= 1.6, < 2)
      minitest (>= 5.1)
      tzinfo (~> 2.0)
    ast (2.4.2)
    byebug (11.1.3)
    coderay (1.1.3)
    concurrent-ruby (1.1.10)
    faraday (1.10.2)
      faraday-em_http (~> 1.0)
      faraday-em_synchrony (~> 1.0)
      faraday-excon (~> 1.1)
      faraday-httpclient (~> 1.0)
      faraday-multipart (~> 1.0)
      faraday-net_http (~> 1.0)
      faraday-net_http_persistent (~> 1.0)
      faraday-patron (~> 1.0)
      faraday-rack (~> 1.0)
      faraday-retry (~> 1.0)
      ruby2_keywords (>= 0.0.4)
    faraday-em_http (1.0.0)
    faraday-em_synchrony (1.0.0)
    faraday-excon (1.1.0)
    faraday-httpclient (1.0.1)
    faraday-multipart (1.0.4)
      multipart-post (~> 2)
    faraday-net_http (1.0.1)
    faraday-net_http_persistent (1.2.0)
    faraday-patron (1.0.0)
    faraday-rack (1.0.0)
    faraday-retry (1.0.3)
    hashie (5.0.0)
    i18n (1.12.0)
      concurrent-ruby (~> 1.0)
    inflection (1.0.0)
    json (2.6.2)
    method_source (1.0.0)
    mini_mime (1.1.2)
    minitest (5.16.3)
    multi_json (1.15.0)
    multipart-post (2.2.3)
    mustermann (3.0.0)
      ruby2_keywords (~> 0.0.1)
    nio4r (2.5.8)
    parallel (1.22.1)
    parser (3.1.3.0)
      ast (~> 2.4.1)
    pry (0.14.1)
      coderay (~> 1.1)
      method_source (~> 1.0)
    pry-byebug (3.10.1)
      byebug (~> 11.0)
      pry (>= 0.13, < 0.15)
    puma (6.0.2)
      nio4r (~> 2.0)
    rack (2.2.6)
    rack-protection (3.0.5)
      rack
    rainbow (3.1.1)
    regexp_parser (2.6.1)
    rexml (3.2.5)
    rubocop (1.39.0)
      json (~> 2.3)
      parallel (~> 1.10)
      parser (>= 3.1.2.1)
      rainbow (>= 2.2.2, < 4.0)
      regexp_parser (>= 1.8, < 3.0)
      rexml (>= 3.2.5, < 4.0)
      rubocop-ast (>= 1.23.0, < 2.0)
      ruby-progressbar (~> 1.7)
      unicode-display_width (>= 1.4.0, < 3.0)
    rubocop-ast (1.23.0)
      parser (>= 3.1.1.0)
    rubocop-govuk (4.9.0)
      rubocop (= 1.39.0)
      rubocop-ast (= 1.23.0)
      rubocop-rails (= 2.17.3)
      rubocop-rake (= 0.6.0)
      rubocop-rspec (= 2.15.0)
    rubocop-rails (2.17.3)
      activesupport (>= 4.2.0)
      rack (>= 1.1)
      rubocop (>= 1.33.0, < 2.0)
    rubocop-rake (0.6.0)
      rubocop (~> 1.0)
    rubocop-rspec (2.15.0)
      rubocop (~> 1.33)
    ruby-progressbar (1.11.0)
    ruby2_keywords (0.0.5)
    sinatra (3.0.5)
      mustermann (~> 3.0)
      rack (~> 2.2, >= 2.2.4)
      rack-protection (= 3.0.5)
      tilt (~> 2.0)
    sinatra-contrib (3.0.5)
      multi_json
      mustermann (~> 3.0)
      rack-protection (= 3.0.5)
      sinatra (= 3.0.5)
      tilt (~> 2.0)
    tilt (2.0.11)
    tzinfo (2.0.5)
      concurrent-ruby (~> 1.0)
    unicode-display_width (2.3.0)
    zendesk_api (1.37.0)
      faraday (>= 0.9.0, < 2.0.0)
      hashie (>= 3.5.2, < 6.0.0)
      inflection
      mini_mime
      multipart-post (~> 2.0)

PLATFORMS
  ruby

DEPENDENCIES
  pry-byebug
  puma
  rack
  rubocop-govuk
  sinatra
  sinatra-contrib
  zendesk_api

RUBY VERSION
   ruby 2.7.6

BUNDLED WITH
   2.1.4
